GEM
  remote: https://rubygems.org/
  specs:
    activemodel (4.0.4)
      activesupport (= 4.0.4)
      builder (~> 3.1.0)
    activeresource (4.0.0)
      activemodel (~> 4.0)
      activesupport (~> 4.0)
      rails-observers (~> 0.1.1)
    activesupport (4.0.4)
      i18n (~> 0.6, >= 0.6.9)
      minitest (~> 4.2)
      multi_json (~> 1.3)
      thread_safe (~> 0.1)
      tzinfo (~> 0.3.37)
    addressable (2.3.6)
    asana (0.0.6)
      activeresource (>= 3.2.3)
    builder (3.1.4)
    faraday (0.9.0)
      multipart-post (>= 1.2, < 3)
    i18n (0.6.9)
    minitest (4.7.5)
    multi_json (1.9.2)
    multipart-post (2.0.0)
    octokit (3.0.0)
      sawyer (~> 0.5.3)
    rails-observers (0.1.2)
      activemodel (~> 4.0)
    sawyer (0.5.4)
      addressable (~> 2.3.5)
      faraday (~> 0.8, < 0.10)
    thread_safe (0.3.3)
    tzinfo (0.3.39)

PLATFORMS
  ruby

DEPENDENCIES
  asana
  octokit
